GIT
  remote: https://github.com/cloudmodel/yard-mongoid.git
  revision: 230b87ab7e5316a9e218425c6a4c34469661589d
  specs:
    yard-mongoid (0.1.0.1)
      yard (>= 0.8.4)

PATH
  remote: .
  specs:
    cloudmodel (0.2.1)
      bcrypt-ruby (~> 3.0, >= 3.0.0)
      mongoid (~> 7.0, >= 7.1.2)
      mongoid-grid_fs (~> 2.3)
      mysql2
      net-ping (~> 2.0)
      net-sftp (~> 2.1, >= 2.1.0)
      netaddr (~> 2.0, >= 2.0.4)
      rails (~> 6.0, >= 6.0.3)
      redis

GEM
  remote: https://rubygems.org/
  specs:
    actioncable (6.1.4)
      actionpack (= 6.1.4)
      activesupport (= 6.1.4)
      nio4r (~> 2.0)
      websocket-driver (>= 0.6.1)
    actionmailbox (6.1.4)
      actionpack (= 6.1.4)
      activejob (= 6.1.4)
      activerecord (= 6.1.4)
      activestorage (= 6.1.4)
      activesupport (= 6.1.4)
      mail (>= 2.7.1)
    actionmailer (6.1.4)
      actionpack (= 6.1.4)
      actionview (= 6.1.4)
      activejob (= 6.1.4)
      activesupport (= 6.1.4)
      mail (~> 2.5, >= 2.5.4)
      rails-dom-testing (~> 2.0)
    actionpack (6.1.4)
      actionview (= 6.1.4)
      activesupport (= 6.1.4)
      rack (~> 2.0, >= 2.0.9)
      rack-test (>= 0.6.3)
      rails-dom-testing (~> 2.0)
      rails-html-sanitizer (~> 1.0, >= 1.2.0)
    actiontext (6.1.4)
      actionpack (= 6.1.4)
      activerecord (= 6.1.4)
      activestorage (= 6.1.4)
      activesupport (= 6.1.4)
      nokogiri (>= 1.8.5)
    actionview (6.1.4)
      activesupport (= 6.1.4)
      builder (~> 3.1)
      erubi (~> 1.4)
      rails-dom-testing (~> 2.0)
      rails-html-sanitizer (~> 1.1, >= 1.2.0)
    activejob (6.1.4)
      activesupport (= 6.1.4)
      globalid (>= 0.3.6)
    activemodel (6.1.4)
      activesupport (= 6.1.4)
    activerecord (6.1.4)
      activemodel (= 6.1.4)
      activesupport (= 6.1.4)
    activestorage (6.1.4)
      actionpack (= 6.1.4)
      activejob (= 6.1.4)
      activerecord (= 6.1.4)
      activesupport (= 6.1.4)
      marcel (~> 1.0.0)
      mini_mime (>= 1.1.0)
    activesupport (6.1.4)
      concurrent-ruby (~> 1.0, >= 1.0.2)
      i18n (>= 1.6, < 2)
      minitest (>= 5.1)
      tzinfo (~> 2.0)
      zeitwerk (~> 2.3)
    ast (2.4.2)
    backports (3.21.0)
    bcrypt (3.1.16)
    bcrypt-ruby (3.1.5)
      bcrypt (>= 3.1.3)
    binding_of_caller (1.0.0)
      debug_inspector (>= 0.0.1)
    bson (4.12.1)
    builder (3.2.4)
    coderay (1.1.3)
    concurrent-ruby (1.1.9)
    crass (1.0.6)
    debug_inspector (1.1.0)
    deep-cover (1.1.0)
      deep-cover-core (= 1.1.0)
      highline
      thor (>= 0.20.3)
      with_progress
    deep-cover-core (1.1.0)
      backports (>= 3.11.0)
      binding_of_caller
      parser (>= 2.5)
      pry
      term-ansicolor
      terminal-table
    diff-lcs (1.4.4)
    erubi (1.10.0)
    faker (2.18.0)
      i18n (>= 1.6, < 2)
    ffi (1.15.3)
    fuubar (2.5.1)
      rspec-core (~> 3.0)
      ruby-progressbar (~> 1.4)
    globalid (0.4.2)
      activesupport (>= 4.2.0)
    highline (2.0.3)
    i18n (1.8.10)
      concurrent-ruby (~> 1.0)
    listen (3.5.1)
      rb-fsevent (~> 0.10, >= 0.10.3)
      rb-inotify (~> 0.9, >= 0.9.10)
    loofah (2.10.0)
      crass (~> 1.0.2)
      nokogiri (>= 1.5.9)
    mail (2.7.1)
      mini_mime (>= 0.1.1)
    marcel (1.0.1)
    method_source (1.0.0)
    mime-types (3.3.1)
      mime-types-data (~> 3.2015)
    mime-types-data (3.2021.0704)
    mini_mime (1.1.0)
    mini_portile2 (2.6.1)
    miniskirt (1.2.1)
      activesupport
    minitest (5.14.4)
    mongo (2.14.0)
      bson (>= 4.8.2, < 5.0.0)
    mongoid (7.3.0)
      activemodel (>= 5.1, < 6.2)
      mongo (>= 2.10.5, < 3.0.0)
    mongoid-compatibility (0.5.1)
      activesupport
      mongoid (>= 2.0)
    mongoid-grid_fs (2.4.0)
      mime-types (>= 1.0, < 4.0)
      mongoid (>= 3.0, < 8.0)
    mongoid-rspec (4.1.0)
      activesupport (>= 3.0.0)
      mongoid (>= 3.1)
      mongoid-compatibility (>= 0.5.1)
      rspec-core (~> 3.3)
      rspec-expectations (~> 3.3)
      rspec-mocks (~> 3.3)
    mysql2 (0.5.3)
    net-ping (2.0.8)
    net-sftp (2.1.2)
      net-ssh (>= 2.6.5)
    net-ssh (6.1.0)
    netaddr (2.0.4)
    nio4r (2.5.7)
    nokogiri (1.12.5)
      mini_portile2 (~> 2.6.1)
      racc (~> 1.4)
    parser (3.0.1.1)
      ast (~> 2.4.1)
    pry (0.14.1)
      coderay (~> 1.1)
      method_source (~> 1.0)
    racc (1.5.2)
    rack (2.2.3)
    rack-test (1.1.0)
      rack (>= 1.0, < 3)
    rails (6.1.4)
      actioncable (= 6.1.4)
      actionmailbox (= 6.1.4)
      actionmailer (= 6.1.4)
      actionpack (= 6.1.4)
      actiontext (= 6.1.4)
      actionview (= 6.1.4)
      activejob (= 6.1.4)
      activemodel (= 6.1.4)
      activerecord (= 6.1.4)
      activestorage (= 6.1.4)
      activesupport (= 6.1.4)
      bundler (>= 1.15.0)
      railties (= 6.1.4)
      sprockets-rails (>= 2.0.0)
    rails-dom-testing (2.0.3)
      activesupport (>= 4.2.0)
      nokogiri (>= 1.6)
    rails-html-sanitizer (1.3.0)
      loofah (~> 2.3)
    railties (6.1.4)
      actionpack (= 6.1.4)
      activesupport (= 6.1.4)
      method_source
      rake (>= 0.13)
      thor (~> 1.0)
    rake (13.0.4)
    rb-fsevent (0.11.0)
    rb-inotify (0.10.1)
      ffi (~> 1.0)
    redis (4.3.1)
    rspec-core (3.10.1)
      rspec-support (~> 3.10.0)
    rspec-expectations (3.10.1)
      diff-lcs (>= 1.2.0, < 2.0)
      rspec-support (~> 3.10.0)
    rspec-mocks (3.10.2)
      diff-lcs (>= 1.2.0, < 2.0)
      rspec-support (~> 3.10.0)
    rspec-rails (5.0.1)
      actionpack (>= 5.2)
      activesupport (>= 5.2)
      railties (>= 5.2)
      rspec-core (~> 3.10)
      rspec-expectations (~> 3.10)
      rspec-mocks (~> 3.10)
      rspec-support (~> 3.10)
    rspec-support (3.10.2)
    ruby-progressbar (1.11.0)
    sprockets (4.0.2)
      concurrent-ruby (~> 1.0)
      rack (> 1, < 3)
    sprockets-rails (3.2.2)
      actionpack (>= 4.0)
      activesupport (>= 4.0)
      sprockets (>= 3.0.0)
    sync (0.5.0)
    term-ansicolor (1.7.1)
      tins (~> 1.0)
    terminal-table (3.0.1)
      unicode-display_width (>= 1.1.1, < 3)
    thor (1.1.0)
    timecop (0.9.4)
    tins (1.29.1)
      sync
    tzinfo (2.0.4)
      concurrent-ruby (~> 1.0)
    unicode-display_width (2.0.0)
    websocket-driver (0.7.5)
      websocket-extensions (>= 0.1.0)
    websocket-extensions (0.1.5)
    with_progress (1.0.1)
      ruby-progressbar (~> 1.4)
    yard (0.9.26)
    zeitwerk (2.4.2)

PLATFORMS
  ruby

DEPENDENCIES
  cloudmodel!
  deep-cover
  faker
  fuubar
  listen
  miniskirt
  mongoid-rspec
  pry
  rspec-rails
  timecop
  yard
  yard-mongoid!

BUNDLED WITH
   2.1.4
